GEM
  remote: https://rubygems.org/
  specs:
    nokogiri (1.12.5-x64-mingw32)
      racc (~> 1.4)
    pdf-core (0.9.0)
    prawn (2.4.0)
      pdf-core (~> 0.9.0)
      ttfunk (~> 1.7)
    racc (1.6.0)
    ttfunk (1.7.0)

PLATFORMS
  x64-mingw32

DEPENDENCIES
  nokogiri
  prawn

BUNDLED WITH
   2.2.31
